GEM
  remote: https://rubygems.org/
  specs:
    iron_core (1.0.7)
      rest (>= 3.0.4)
    iron_mq (5.0.1)
      iron_core (>= 0.5.1)
    net-http-persistent (2.9.4)
    netrc (0.10.3)
    rack (1.6.1)
    rest (3.0.6)
      net-http-persistent (>= 2.9.1)
      netrc
    sinatra (1.1.0)
      rack (~> 1.1)
      tilt (~> 1.1)
    tilt (1.4.1)

PLATFORMS
  ruby

DEPENDENCIES
  iron_mq
  sinatra (= 1.1.0)
